

GROUP fake
GENERATE-LOAD-SCRIPTS: ON
STORAGE: NONE
STRATEGY: MIN
RESTRICTION: == net8.0
NUGET
  remote: https://api.nuget.org/v3/index.json
    BlackFox.VsWhere (1.1)
      FSharp.Core (>= 4.2.3)
      Microsoft.Win32.Registry (>= 4.7)
    Fake.Core.CommandLineParsing (6.1.1)
      FParsec (>= 1.1.1)
      FSharp.Core (>= 8.0.301)
    Fake.Core.Context (6.1.1)
      FSharp.Core (>= 8.0.301)
    Fake.Core.Environment (6.1.1)
      FSharp.Core (>= 8.0.301)
    Fake.Core.FakeVar (6.1.1)
      Fake.Core.Context (>= 6.1.1)
      FSharp.Core (>= 8.0.301)
    Fake.Core.Process (6.1.1)
      Fake.Core.Environment (>= 6.1.1)
      Fake.Core.FakeVar (>= 6.1.1)
      Fake.Core.String (>= 6.1.1)
      Fake.Core.Trace (>= 6.1.1)
      Fake.IO.FileSystem (>= 6.1.1)
      FSharp.Core (>= 8.0.301)
      System.Collections.Immutable (>= 8.0)
    Fake.Core.SemVer (6.1.1)
      FSharp.Core (>= 8.0.301)
    Fake.Core.String (6.1.1)
      FSharp.Core (>= 8.0.301)
    Fake.Core.Target (6.1.1)
      Fake.Core.CommandLineParsing (>= 6.1.1)
      Fake.Core.Context (>= 6.1.1)
      Fake.Core.Environment (>= 6.1.1)
      Fake.Core.FakeVar (>= 6.1.1)
      Fake.Core.Process (>= 6.1.1)
      Fake.Core.String (>= 6.1.1)
      Fake.Core.Trace (>= 6.1.1)
      FSharp.Control.Reactive (>= 5.0.2)
      FSharp.Core (>= 8.0.301)
    Fake.Core.Tasks (6.1.1)
      Fake.Core.Trace (>= 6.1.1)
      FSharp.Core (>= 8.0.301)
    Fake.Core.Trace (6.1.1)
      Fake.Core.Environment (>= 6.1.1)
      Fake.Core.FakeVar (>= 6.1.1)
      FSharp.Core (>= 8.0.301)
    Fake.Core.Xml (6.1.1)
      Fake.Core.String (>= 6.1.1)
      FSharp.Core (>= 8.0.301)
    Fake.DotNet.Cli (6.1.1)
      Fake.Core.Environment (>= 6.1.1)
      Fake.Core.Process (>= 6.1.1)
      Fake.Core.String (>= 6.1.1)
      Fake.Core.Trace (>= 6.1.1)
      Fake.DotNet.MSBuild (>= 6.1.1)
      Fake.DotNet.NuGet (>= 6.1.1)
      Fake.IO.FileSystem (>= 6.1.1)
      FSharp.Core (>= 8.0.301)
      Mono.Posix.NETStandard (>= 1.0)
      Newtonsoft.Json (>= 13.0.3)
    Fake.DotNet.MSBuild (6.1.1)
      BlackFox.VsWhere (>= 1.1)
      Fake.Core.Environment (>= 6.1.1)
      Fake.Core.Process (>= 6.1.1)
      Fake.Core.String (>= 6.1.1)
      Fake.Core.Trace (>= 6.1.1)
      Fake.IO.FileSystem (>= 6.1.1)
      FSharp.Core (>= 8.0.301)
      MSBuild.StructuredLogger (>= 2.1.815)
    Fake.DotNet.NuGet (6.1.1)
      Fake.Core.Environment (>= 6.1.1)
      Fake.Core.Process (>= 6.1.1)
      Fake.Core.SemVer (>= 6.1.1)
      Fake.Core.String (>= 6.1.1)
      Fake.Core.Tasks (>= 6.1.1)
      Fake.Core.Trace (>= 6.1.1)
      Fake.Core.Xml (>= 6.1.1)
      Fake.IO.FileSystem (>= 6.1.1)
      Fake.Net.Http (>= 6.1.1)
      FSharp.Core (>= 8.0.301)
      Newtonsoft.Json (>= 13.0.3)
      NuGet.Protocol (>= 6.10.1)
    Fake.IO.FileSystem (6.1.1)
      Fake.Core.String (>= 6.1.1)
      Fake.Core.Trace (>= 6.1.1)
      FSharp.Core (>= 8.0.301)
    Fake.Net.Http (6.1.1)
      Fake.Core.Trace (>= 6.1.1)
      FSharp.Core (>= 8.0.301)
    Fake.Tools.Git (6.1.1)
      Fake.Core.Environment (>= 6.1.1)
      Fake.Core.Process (>= 6.1.1)
      Fake.Core.SemVer (>= 6.1.1)
      Fake.Core.String (>= 6.1.1)
      Fake.Core.Trace (>= 6.1.1)
      Fake.IO.FileSystem (>= 6.1.1)
      FSharp.Core (>= 8.0.301)
    FParsec (1.1.1)
      FSharp.Core (>= 4.3.4)
    FSharp.Control.Reactive (5.0.2)
      FSharp.Core (>= 4.7.2)
      System.Reactive (>= 5.0)
    FSharp.Core (8.0.301)
    Microsoft.Build.Framework (16.10)
      System.Security.Permissions (>= 4.7)
    Microsoft.Build.Utilities.Core (16.10)
      Microsoft.Build.Framework (>= 16.10)
      Microsoft.NET.StringTools (>= 1.0)
      Microsoft.Win32.Registry (>= 4.3)
      System.Collections.Immutable (>= 5.0)
      System.Configuration.ConfigurationManager (>= 4.7)
      System.Security.Permissions (>= 4.7)
      System.Text.Encoding.CodePages (>= 4.0.1)
    Microsoft.NET.StringTools (1.0)
      System.Memory (>= 4.5.4)
      System.Runtime.CompilerServices.Unsafe (>= 5.0)
    Microsoft.NETCore.Platforms (3.1.4)
    Microsoft.NETCore.Targets (1.0.1)
    Microsoft.Win32.Registry (4.7)
      System.Security.AccessControl (>= 4.7)
      System.Security.Principal.Windows (>= 4.7)
    Microsoft.Win32.SystemEvents (4.7)
      Microsoft.NETCore.Platforms (>= 3.1)
    Mono.Posix.NETStandard (1.0)
    MSBuild.StructuredLogger (2.1.815)
      Microsoft.Build.Framework (>= 16.10)
      Microsoft.Build.Utilities.Core (>= 16.10)
    Newtonsoft.Json (13.0.3)
    NuGet.Common (6.10.1)
      NuGet.Frameworks (>= 6.10.1)
    NuGet.Configuration (6.10.1)
      NuGet.Common (>= 6.10.1)
      System.Security.Cryptography.ProtectedData (>= 4.4)
    NuGet.Frameworks (6.10.1)
    NuGet.Packaging (6.10.1)
      Newtonsoft.Json (>= 13.0.3)
      NuGet.Configuration (>= 6.10.1)
      NuGet.Versioning (>= 6.10.1)
      System.Security.Cryptography.Pkcs (>= 6.0.4)
    NuGet.Protocol (6.10.1)
      NuGet.Packaging (>= 6.10.1)
    NuGet.Versioning (6.10.1)
    System.Collections (4.0.11)
      Microsoft.NETCore.Platforms (>= 1.0.1)
      Microsoft.NETCore.Targets (>= 1.0.1)
      System.Runtime (>= 4.1)
    System.Collections.Immutable (8.0)
    System.Configuration.ConfigurationManager (4.7)
      System.Security.Cryptography.ProtectedData (>= 4.7)
      System.Security.Permissions (>= 4.7)
    System.Drawing.Common (4.7.2)
      Microsoft.NETCore.Platforms (>= 3.1)
      Microsoft.Win32.SystemEvents (>= 4.7)
    System.Formats.Asn1 (6.0.1)
    System.Globalization (4.0.11)
      Microsoft.NETCore.Platforms (>= 1.0.1)
      Microsoft.NETCore.Targets (>= 1.0.1)
      System.Runtime (>= 4.1)
    System.IO (4.1)
      Microsoft.NETCore.Platforms (>= 1.0.1)
      Microsoft.NETCore.Targets (>= 1.0.1)
      System.Runtime (>= 4.1)
      System.Text.Encoding (>= 4.0.11)
      System.Threading.Tasks (>= 4.0.11)
    System.Memory (4.5.4)
    System.Reactive (5.0)
    System.Reflection (4.1)
      Microsoft.NETCore.Platforms (>= 1.0.1)
      Microsoft.NETCore.Targets (>= 1.0.1)
      System.IO (>= 4.1)
      System.Reflection.Primitives (>= 4.0.1)
      System.Runtime (>= 4.1)
    System.Reflection.Primitives (4.0.1)
      Microsoft.NETCore.Platforms (>= 1.0.1)
      Microsoft.NETCore.Targets (>= 1.0.1)
      System.Runtime (>= 4.1)
    System.Resources.ResourceManager (4.0.1)
      Microsoft.NETCore.Platforms (>= 1.0.1)
      Microsoft.NETCore.Targets (>= 1.0.1)
      System.Globalization (>= 4.0.11)
      System.Reflection (>= 4.1)
      System.Runtime (>= 4.1)
    System.Runtime (4.1)
      Microsoft.NETCore.Platforms (>= 1.0.1)
      Microsoft.NETCore.Targets (>= 1.0.1)
    System.Runtime.CompilerServices.Unsafe (5.0)
    System.Runtime.Extensions (4.1)
      Microsoft.NETCore.Platforms (>= 1.0.1)
      Microsoft.NETCore.Targets (>= 1.0.1)
      System.Runtime (>= 4.1)
    System.Runtime.Handles (4.0.1)
      Microsoft.NETCore.Platforms (>= 1.0.1)
      Microsoft.NETCore.Targets (>= 1.0.1)
      System.Runtime (>= 4.1)
    System.Runtime.InteropServices (4.1)
      Microsoft.NETCore.Platforms (>= 1.0.1)
      Microsoft.NETCore.Targets (>= 1.0.1)
      System.Reflection (>= 4.1)
      System.Reflection.Primitives (>= 4.0.1)
      System.Runtime (>= 4.1)
      System.Runtime.Handles (>= 4.0.1)
    System.Security.AccessControl (4.7)
      Microsoft.NETCore.Platforms (>= 3.1)
      System.Security.Principal.Windows (>= 4.7)
    System.Security.Cryptography.Pkcs (6.0.4)
      System.Formats.Asn1 (>= 6.0)
    System.Security.Cryptography.ProtectedData (4.7)
    System.Security.Permissions (4.7)
      System.Security.AccessControl (>= 4.7)
      System.Windows.Extensions (>= 4.7)
    System.Security.Principal.Windows (4.7)
    System.Text.Encoding (4.0.11)
      Microsoft.NETCore.Platforms (>= 1.0.1)
      Microsoft.NETCore.Targets (>= 1.0.1)
      System.Runtime (>= 4.1)
    System.Text.Encoding.CodePages (4.0.1)
      Microsoft.NETCore.Platforms (>= 1.0.1)
      System.Collections (>= 4.0.11)
      System.Globalization (>= 4.0.11)
      System.IO (>= 4.1)
      System.Reflection (>= 4.1)
      System.Resources.ResourceManager (>= 4.0.1)
      System.Runtime (>= 4.1)
      System.Runtime.Extensions (>= 4.1)
      System.Runtime.Handles (>= 4.0.1)
      System.Runtime.InteropServices (>= 4.1)
      System.Text.Encoding (>= 4.0.11)
      System.Threading (>= 4.0.11)
    System.Threading (4.0.11)
      System.Runtime (>= 4.1)
      System.Threading.Tasks (>= 4.0.11)
    System.Threading.Tasks (4.0.11)
      Microsoft.NETCore.Platforms (>= 1.0.1)
      Microsoft.NETCore.Targets (>= 1.0.1)
      System.Runtime (>= 4.1)
    System.Windows.Extensions (4.7)
      System.Drawing.Common (>= 4.7)
